GEM
  remote: https://rubygems.org/
  specs:
    mqtt (0.3.1)
    net-ping (1.7.7)
    ruby-notify-my-android (0.4.3)
      xml-simple (>= 1.0.15)
    rufus-scheduler (3.1.1)
    simple_ruby_mqtt_client (0.3.1)
      mqtt (~> 0.3, >= 0.3)
    xml-simple (1.1.5)

PLATFORMS
  ruby

DEPENDENCIES
  net-ping
  ruby-notify-my-android
  rufus-scheduler
  simple_ruby_mqtt_client
