GEM
  remote: https://rubygems.org/
  specs:
    mqtt (0.3.1)
    net-ping (1.7.7)
    rufus-scheduler (3.1.1)
    simple_ruby_mqtt_client (0.3.1)
      mqtt (~> 0.3, >= 0.3)

PLATFORMS
  ruby

DEPENDENCIES
  net-ping
  rufus-scheduler
  simple_ruby_mqtt_client
