GEM
  remote: https://rubygems.org/
  specs:
    RubySunrise (0.3.1)
      tzinfo
    chartkick (1.3.2)
    httparty (0.8.3)
      multi_json (~> 1.0)
      multi_xml
    mqtt (0.3.1)
    multi_json (1.11.0)
    multi_xml (0.5.5)
    nest_thermostat (0.0.4)
      httparty (~> 0.8.3)
    net-ping (1.7.7)
    rack (1.6.1)
    rack-protection (1.5.3)
      rack
    ruby-notify-my-android (0.4.3)
      xml-simple (>= 1.0.15)
    rufus-scheduler (3.1.1)
    simple_ruby_mqtt_client (0.3.1)
      mqtt (~> 0.3, >= 0.3)
    sinatra (1.4.6)
      rack (~> 1.4)
      rack-protection (~> 1.4)
      tilt (>= 1.3, < 3)
    thread_safe (0.3.5)
    tilt (2.0.1)
    tzinfo (1.2.2)
      thread_safe (~> 0.1)
    xml-simple (1.1.5)

PLATFORMS
  ruby

DEPENDENCIES
  RubySunrise
  chartkick
  nest_thermostat
  net-ping
  ruby-notify-my-android
  rufus-scheduler
  simple_ruby_mqtt_client
  sinatra
